GEM
  remote: https://rubygems.org/
  specs:
    cityhash (0.9.0)
    csv (3.2.8)
    digest-xxhash (0.2.7)
    murmurhash3 (0.1.7)
    pastel (0.8.0)
      tty-color (~> 0.5)
    tty-color (0.6.0)
    tty-logger (0.6.0)
      pastel (~> 0.8)

PLATFORMS
  arm64-darwin-23
  ruby

DEPENDENCIES
  cityhash (~> 0.9)
  csv
  digest-xxhash (~> 0.2)
  murmurhash3 (~> 0.1)
  tty-logger (~> 0.6)

BUNDLED WITH
   2.5.6
